GEM
  remote: https://rubygems.org/
  specs:
    colorize (0.5.8)
    rake (10.3.2)

PLATFORMS
  ruby

DEPENDENCIES
  colorize
  rake
