GEM
  remote: https://rubygems.org/
  specs:
    abstract_type (0.0.7)
    activesupport (4.2.10)
      i18n (~> 0.7)
      minitest (~> 5.1)
      thread_safe (~> 0.3, >= 0.3.4)
      tzinfo (~> 1.1)
    adamantium (0.2.0)
      ice_nine (~> 0.11.0)
      memoizable (~> 0.4.0)
    addressable (2.4.0)
    ast (2.4.0)
    binding_of_caller (0.7.3)
      debug_inspector (>= 0.0.1)
    byebug (9.0.5)
    climate_control (0.2.0)
    coderay (1.1.0)
    colorize (0.5.8)
    concord (0.1.5)
      adamantium (~> 0.2.0)
      equalizer (~> 0.0.9)
    concurrent-ruby (1.0.5)
    crack (0.4.3)
      safe_yaml (~> 1.0.0)
    debug_inspector (0.0.3)
    diff-lcs (1.3)
    docile (1.1.5)
    dotenv (2.2.1)
    equalizer (0.0.11)
    gitlab (4.2.0)
      httparty
      terminal-table
    hashdiff (0.2.3)
    httparty (0.15.6)
      multi_xml (>= 0.5.2)
    i18n (0.9.0)
      concurrent-ruby (~> 1.0)
    ice_nine (0.11.2)
    json (2.1.0)
    memoizable (0.4.2)
      thread_safe (~> 0.3, >= 0.3.1)
    method_source (0.8.2)
    minitest (5.10.3)
    multi_xml (0.6.0)
    parallel (1.12.0)
    parser (2.5.0.5)
      ast (~> 2.4.0)
    powerpack (0.1.1)
    proc_to_ast (0.1.0)
      coderay
      parser
      unparser
    procto (0.0.3)
    pry (0.10.1)
      coderay (~> 1.1.0)
      method_source (~> 0.8.1)
      slop (~> 3.4)
    rainbow (2.2.2)
      rake
    rake (10.3.2)
    rspec (3.6.0)
      rspec-core (~> 3.6.0)
      rspec-expectations (~> 3.6.0)
      rspec-mocks (~> 3.6.0)
    rspec-core (3.6.0)
      rspec-support (~> 3.6.0)
    rspec-expectations (3.6.0)
      diff-lcs (>= 1.2.0, < 2.0)
      rspec-support (~> 3.6.0)
    rspec-mocks (3.6.0)
      diff-lcs (>= 1.2.0, < 2.0)
      rspec-support (~> 3.6.0)
    rspec-parameterized (0.4.0)
      binding_of_caller
      parser
      proc_to_ast
      rspec (>= 2.13, < 4)
      unparser
    rspec-support (3.6.0)
    rubocop (0.49.1)
      parallel (~> 1.10)
      parser (>= 2.3.3.1, < 3.0)
      powerpack (~> 0.1)
      rainbow (>= 1.99.1, < 3.0)
      ruby-progressbar (~> 1.7)
      unicode-display_width (~> 1.0, >= 1.0.1)
    rubocop-rspec (1.15.1)
      rubocop (>= 0.42.0)
    ruby-progressbar (1.8.1)
    rugged (0.26.0)
    safe_yaml (1.0.4)
    simplecov (0.15.0)
      docile (~> 1.1.0)
      json (>= 1.8, < 3)
      simplecov-html (~> 0.10.0)
    simplecov-html (0.10.2)
    slop (3.6.0)
    terminal-table (1.8.0)
      unicode-display_width (~> 1.1, >= 1.1.1)
    thread_safe (0.3.6)
    timecop (0.9.1)
    tzinfo (1.2.3)
      thread_safe (~> 0.1)
    unicode-display_width (1.3.0)
    unparser (0.2.7)
      abstract_type (~> 0.0.7)
      adamantium (~> 0.2.0)
      concord (~> 0.1.5)
      diff-lcs (~> 1.3)
      equalizer (~> 0.0.9)
      parser (>= 2.3.1.2, < 2.6)
      procto (~> 0.0.2)
    vcr (2.9.3)
    webmock (1.22.3)
      addressable (>= 2.3.6)
      crack (>= 0.3.2)
      hashdiff

PLATFORMS
  ruby

DEPENDENCIES
  activesupport (~> 4.2.0)
  byebug
  climate_control (~> 0.2.0)
  colorize
  dotenv (~> 2.2.0)
  gitlab (~> 4.2.0)
  httparty (~> 0.15.6)
  pry
  rake
  rspec (~> 3.6.0)
  rspec-parameterized
  rubocop (~> 0.49.0)
  rubocop-rspec (~> 1.15.0)
  rugged (~> 0.26.0)
  simplecov (~> 0.15.0)
  timecop (~> 0.9.0)
  vcr (~> 2.9.0)
  webmock (~> 1.22.0)

BUNDLED WITH
   1.16.1
