GIT
  remote: https://github.com/NARKOZ/gitlab.git
  revision: 9b24b85674b0ec13584a5f6a67436a0d6f1a833b
  ref: 9b24b85674b0ec13584a5f6a67436a0d6f1a833b
  specs:
    gitlab (3.7.0)
      httparty
      terminal-table (= 1.7.1)

GIT
  remote: https://gitlab.com/gitlab-org/packagecloud-ruby.git
  revision: 0d054f8a5f0518d8ea79d3c77ae704c1f62e98ea
  specs:
    packagecloud-ruby (1.0.5)
      excon (~> 0.40)
      json_pure (~> 1)
      mime (~> 0.4)
      multi_json (~> 1.0)

GEM
  remote: https://rubygems.org/
  specs:
    activesupport (4.2.5)
      i18n (~> 0.7)
      json (~> 1.7, >= 1.7.7)
      minitest (~> 5.1)
      thread_safe (~> 0.3, >= 0.3.4)
      tzinfo (~> 1.1)
    addressable (2.4.0)
    ast (2.3.0)
    byebug (9.0.5)
    coderay (1.1.0)
    colorize (0.5.8)
    crack (0.4.3)
      safe_yaml (~> 1.0.0)
    curses (1.0.2)
    diff-lcs (1.2.5)
    dispel (0.0.8)
      curses
    docile (1.1.5)
    dotenv (2.0.2)
    excon (0.54.0)
    hashdiff (0.2.3)
    httparty (0.14.0)
      multi_xml (>= 0.5.2)
    i18n (0.7.0)
    json (1.8.6)
    json_pure (1.8.6)
    method_source (0.8.2)
    mime (0.4.3)
    minitest (5.8.3)
    multi_json (1.12.1)
    multi_xml (0.6.0)
    parser (2.4.0.0)
      ast (~> 2.2)
    powerpack (0.1.1)
    pry (0.10.1)
      coderay (~> 1.1.0)
      method_source (~> 0.8.1)
      slop (~> 3.4)
    rainbow (2.2.1)
    rake (10.3.2)
    rspec (3.4.0)
      rspec-core (~> 3.4.0)
      rspec-expectations (~> 3.4.0)
      rspec-mocks (~> 3.4.0)
    rspec-core (3.4.1)
      rspec-support (~> 3.4.0)
    rspec-expectations (3.4.0)
      diff-lcs (>= 1.2.0, < 2.0)
      rspec-support (~> 3.4.0)
    rspec-mocks (3.4.0)
      diff-lcs (>= 1.2.0, < 2.0)
      rspec-support (~> 3.4.0)
    rspec-support (3.4.1)
    rubocop (0.47.1)
      parser (>= 2.3.3.1, < 3.0)
      powerpack (~> 0.1)
      rainbow (>= 1.99.1, < 3.0)
      ruby-progressbar (~> 1.7)
      unicode-display_width (~> 1.0, >= 1.0.1)
    rubocop-rspec (1.12.0)
      rubocop (>= 0.42.0)
    ruby-progressbar (1.8.1)
    rugged (0.24.0)
    safe_yaml (1.0.4)
    simplecov (0.12.0)
      docile (~> 1.1.0)
      json (>= 1.8, < 3)
      simplecov-html (~> 0.10.0)
    simplecov-html (0.10.0)
    slop (3.6.0)
    terminal-table (1.7.1)
      unicode-display_width (~> 1.1.1)
    thread_safe (0.3.5)
    timecop (0.8.0)
    tzinfo (1.2.2)
      thread_safe (~> 0.1)
    unicode-display_width (1.1.3)
    vcr (2.9.3)
    webmock (1.22.3)
      addressable (>= 2.3.6)
      crack (>= 0.3.2)
      hashdiff
    weekdays (1.0.2)

PLATFORMS
  ruby

DEPENDENCIES
  activesupport (~> 4.2.0)
  byebug
  colorize
  dispel
  dotenv (~> 2.0.0)
  gitlab (~> 3.7.0)!
  packagecloud-ruby!
  pry
  rake
  rspec (~> 3.4.0)
  rubocop (~> 0.47.0)
  rubocop-rspec (~> 1.12.0)
  rugged (~> 0.24.0)
  simplecov (~> 0.12.0)
  timecop (~> 0.8.0)
  vcr (~> 2.9.0)
  webmock (~> 1.22.0)
  weekdays (~> 1.0.0)

BUNDLED WITH
   1.14.5
